GEM
  remote: http://rubygems.org/
  specs:
    httparty (0.8.3)
      multi_json (~> 1.0)
      multi_xml
    json (1.7.3)
    multi_json (1.3.5)
    multi_xml (0.5.1)
    nokogiri (1.5.2)
    sequel (3.35.0)
    tzinfo (0.3.33)

PLATFORMS
  ruby

DEPENDENCIES
  httparty
  json
  nokogiri
  sequel
  tzinfo
